GEM
  specs:
    redis (3.3.2)

PLATFORMS
  ruby

DEPENDENCIES
  redis

BUNDLED WITH
   1.13.7
